GEM
  remote: http://rubygems.org/
  specs:
    bson (1.0.4)
    bson_ext (1.0.4)
    gemcutter (0.6.1)
    git (1.2.5)
    jeweler (1.4.0)
      gemcutter (>= 0.1.0)
      git (>= 1.2.5)
      rubyforge (>= 2.0.0)
    json (1.4.6)
    json_pure (1.4.6)
    mime-types (1.16)
    mongo (1.0.7)
      bson (>= 1.0.4)
    rack (1.2.1)
    rake (0.8.7)
    rest-client (1.6.0)
      mime-types (>= 1.16)
    rubyforge (2.0.4)
      json_pure (>= 1.1.7)
    shotgun (0.8)
      rack (>= 1.0)
    sinatra (1.0)
      rack (>= 1.0)
    term-ansicolor (1.0.5)
    thor (0.14.0)
    thoughtbot-shoulda (2.11.1)

PLATFORMS
  ruby

DEPENDENCIES
  bson_ext
  jeweler
  json
  mongo
  rake
  rest-client
  shotgun
  sinatra
  term-ansicolor
  thor
  thoughtbot-shoulda
